PATH
  remote: .
  specs:
    hanamimastery-cli (0.2.0)
      commonmarker (~> 1.0.0.pre6)
      dry-cli (<= 1.0)
      dry-configurable (~> 1.0)
      dry-system (~> 1.0)
      zeitwerk (~> 2.6)

GEM
  remote: https://rubygems.org/
  specs:
    ast (2.4.2)
    commonmarker (1.0.0.pre6-x86_64-darwin)
      rb_sys (~> 0.9)
    concurrent-ruby (1.1.10)
    diff-lcs (1.5.0)
    dry-auto_inject (1.0.0)
      dry-core (~> 1.0, < 2)
      zeitwerk (~> 2.6)
    dry-cli (1.0.0)
    dry-configurable (1.0.1)
      dry-core (~> 1.0, < 2)
      zeitwerk (~> 2.6)
    dry-core (1.0.0)
      concurrent-ruby (~> 1.0)
      zeitwerk (~> 2.6)
    dry-inflector (1.0.0)
    dry-system (1.0.1)
      dry-auto_inject (~> 1.0, < 2)
      dry-configurable (~> 1.0, < 2)
      dry-core (~> 1.0, < 2)
      dry-inflector (~> 1.0, < 2)
    json (2.6.3)
    language_server-protocol (3.17.0.2)
    parallel (1.22.1)
    parser (3.1.3.0)
      ast (~> 2.4.1)
    rainbow (3.1.1)
    rake (13.0.6)
    rb_sys (0.9.54)
    regexp_parser (2.6.1)
    rexml (3.2.5)
    rspec (3.12.0)
      rspec-core (~> 3.12.0)
      rspec-expectations (~> 3.12.0)
      rspec-mocks (~> 3.12.0)
    rspec-core (3.12.0)
      rspec-support (~> 3.12.0)
    rspec-expectations (3.12.1)
      diff-lcs (>= 1.2.0, < 2.0)
      rspec-support (~> 3.12.0)
    rspec-mocks (3.12.1)
      diff-lcs (>= 1.2.0, < 2.0)
      rspec-support (~> 3.12.0)
    rspec-support (3.12.0)
    rubocop (1.40.0)
      json (~> 2.3)
      parallel (~> 1.10)
      parser (>= 3.1.2.1)
      rainbow (>= 2.2.2, < 4.0)
      regexp_parser (>= 1.8, < 3.0)
      rexml (>= 3.2.5, < 4.0)
      rubocop-ast (>= 1.23.0, < 2.0)
      ruby-progressbar (~> 1.7)
      unicode-display_width (>= 1.4.0, < 3.0)
    rubocop-ast (1.24.1)
      parser (>= 3.1.1.0)
    rubocop-performance (1.15.1)
      rubocop (>= 1.7.0, < 2.0)
      rubocop-ast (>= 0.4.0)
    ruby-progressbar (1.11.0)
    standard (1.20.0)
      language_server-protocol (~> 3.17.0.2)
      rubocop (= 1.40.0)
      rubocop-performance (= 1.15.1)
    unicode-display_width (2.3.0)
    zeitwerk (2.6.6)

PLATFORMS
  x86_64-darwin-20

DEPENDENCIES
  hanamimastery-cli!
  rake (~> 13.0)
  rspec (~> 3.0)
  standard (~> 1.3)

BUNDLED WITH
   2.4.1
