GIT
  remote: https://github.com/hanami/cli.git
  revision: bf13474435d2629572c2ca4c25b06546424f59cb
  branch: main
  specs:
    hanami-cli (2.1.0.beta1)
      bundler (~> 2.1)
      dry-cli (~> 1.0, < 2)
      dry-files (~> 1.0, >= 1.0.1, < 2)
      dry-inflector (~> 1.0, < 2)
      rake (~> 13.0)
      zeitwerk (~> 2.6)

GIT
  remote: https://github.com/hanami/controller.git
  revision: 2eb83900e298a03a7dadce9cbd1adef33dfec83e
  branch: main
  specs:
    hanami-controller (2.1.0.beta1)
      dry-configurable (~> 1.0, < 2)
      dry-core (~> 1.0)
      hanami-utils (~> 2.0)
      rack (~> 2.0)
      zeitwerk (~> 2.6)

GIT
  remote: https://github.com/hanami/devtools.git
  revision: c79fb935c4bd11b6ce9f22e949140db07f77b4f9
  branch: main
  specs:
    hanami-devtools (2023.02.16)
      aruba (~> 0.14)
      bundler (>= 1.6, < 3)
      capybara (~> 3.34)
      codecov (~> 0.1)
      dotenv (~> 2.0)
      dry-core (>= 0.9, < 2)
      excon (~> 0.60)
      hanami-utils
      poltergeist (~> 1.17)
      rack (~> 2.0)
      rspec (~> 3.7)

GIT
  remote: https://github.com/hanami/hanami.git
  revision: 7cfdd344e1cba12bc7727cc0a69d5038b88c9cae
  branch: main
  specs:
    hanami (2.1.0.beta1)
      bundler (>= 1.16, < 3)
      dry-configurable (~> 1.0, < 2)
      dry-core (~> 1.0, < 2)
      dry-inflector (~> 1.0, < 2)
      dry-logger (~> 1.0, < 2)
      dry-monitor (~> 1.0, >= 1.0.1, < 2)
      dry-system (~> 1.0, < 2)
      hanami-cli (~> 2.1.beta)
      hanami-utils (~> 2.1.beta)
      zeitwerk (~> 2.6)

GIT
  remote: https://github.com/hanami/mailer.git
  revision: 2f1370f71b9db30d958e89e3b875c978d8fe2e74
  branch: main
  specs:
    hanami-mailer (2.0.0.alpha1)
      hanami-utils (~> 2.0.alpha)
      mail (~> 2.7)
      net-imap (~> 0.2)
      net-pop (~> 0.1)
      net-smtp (~> 0.3)
      tilt (~> 2.0, >= 2.0.1)

GIT
  remote: https://github.com/hanami/router.git
  revision: b502a68d66f637999ccc6291b97c7b72e97a5028
  branch: main
  specs:
    hanami-router (2.1.0.beta1)
      mustermann (~> 3.0)
      mustermann-contrib (~> 3.0)
      rack (~> 2.0)

GIT
  remote: https://github.com/hanami/utils.git
  revision: da238da837d63c8a3b05127f9a155d5236e9187a
  branch: main
  specs:
    hanami-utils (2.1.0.beta1)
      concurrent-ruby (~> 1.0)
      dry-core (~> 1.0, < 2)
      dry-transformer (~> 1.0, < 2)

GIT
  remote: https://github.com/hanami/validations.git
  revision: c675f43fa098938af950ed8d0e3ba90e5b0a1315
  branch: main
  specs:
    hanami-validations (2.1.0.beta1)
      dry-validation (>= 1.10, < 2)
      zeitwerk (~> 2.6.0)

GEM
  remote: https://rubygems.org/
  specs:
    addressable (2.8.5)
      public_suffix (>= 2.0.2, < 6.0)
    amazing_print (1.5.0)
    aruba (0.14.14)
      childprocess (>= 0.6.3, < 4.0.0)
      contracts (~> 0.9)
      cucumber (>= 1.3.19)
      ffi (~> 1.9)
      rspec-expectations (>= 2.99)
      thor (>= 0.19, < 2.0)
    ast (2.4.2)
    base64 (0.1.1)
    builder (3.2.4)
    byebug (11.1.3)
    caliber (0.38.0)
      rubocop (~> 1.56)
      rubocop-packaging (~> 0.5)
      rubocop-performance (~> 1.19)
      rubocop-rake (~> 0.6)
      rubocop-rspec (~> 2.23)
      rubocop-thread_safety (~> 0.5)
    capybara (3.39.2)
      addressable
      matrix
      mini_mime (>= 0.1.3)
      nokogiri (~> 1.8)
      rack (>= 1.6.0)
      rack-test (>= 0.6.3)
      regexp_parser (>= 1.5, < 3.0)
      xpath (~> 3.2)
    cgi (0.3.6)
    childprocess (3.0.0)
    cliver (0.3.2)
    codecov (0.2.12)
      json
      simplecov
    coderay (1.1.3)
    concurrent-ruby (1.2.2)
    contracts (0.17)
    cucumber (8.0.0)
      builder (~> 3.2, >= 3.2.4)
      cucumber-ci-environment (~> 9.0, >= 9.0.4)
      cucumber-core (~> 11.0, >= 11.0.0)
      cucumber-cucumber-expressions (~> 15.1, >= 15.1.1)
      cucumber-gherkin (~> 23.0, >= 23.0.1)
      cucumber-html-formatter (~> 19.1, >= 19.1.0)
      cucumber-messages (~> 18.0, >= 18.0.0)
      diff-lcs (~> 1.5, >= 1.5.0)
      mime-types (~> 3.4, >= 3.4.1)
      multi_test (~> 1.1, >= 1.1.0)
      sys-uname (~> 1.2, >= 1.2.2)
    cucumber-ci-environment (9.2.0)
    cucumber-core (11.0.0)
      cucumber-gherkin (~> 23.0, >= 23.0.1)
      cucumber-messages (~> 18.0, >= 18.0.0)
      cucumber-tag-expressions (~> 4.1, >= 4.1.0)
    cucumber-cucumber-expressions (15.2.0)
    cucumber-gherkin (23.0.1)
      cucumber-messages (~> 18.0, >= 18.0.0)
    cucumber-html-formatter (19.2.0)
      cucumber-messages (~> 18.0, >= 18.0.0)
    cucumber-messages (18.0.0)
    cucumber-tag-expressions (4.1.0)
    cuprite (0.14.3)
      capybara (~> 3.0)
      ferrum (~> 0.13.0)
    database_cleaner-core (2.0.1)
    database_cleaner-sequel (2.0.2)
      database_cleaner-core (~> 2.0.0)
      sequel
    date (3.3.3)
    debug (1.8.0)
      irb (>= 1.5.0)
      reline (>= 0.3.1)
    diff-lcs (1.5.0)
    docile (1.4.0)
    dotenv (2.8.1)
    dry-auto_inject (1.0.1)
      dry-core (~> 1.0)
      zeitwerk (~> 2.6)
    dry-cli (1.0.0)
    dry-configurable (1.1.0)
      dry-core (~> 1.0, < 2)
      zeitwerk (~> 2.6)
    dry-core (1.0.1)
      concurrent-ruby (~> 1.0)
      zeitwerk (~> 2.6)
    dry-events (1.0.1)
      concurrent-ruby (~> 1.0)
      dry-core (~> 1.0, < 2)
    dry-files (1.0.1)
    dry-inflector (1.0.0)
    dry-initializer (3.1.1)
    dry-logger (1.0.3)
    dry-logic (1.5.0)
      concurrent-ruby (~> 1.0)
      dry-core (~> 1.0, < 2)
      zeitwerk (~> 2.6)
    dry-monitor (1.0.1)
      dry-configurable (~> 1.0, < 2)
      dry-core (~> 1.0, < 2)
      dry-events (~> 1.0, < 2)
    dry-schema (1.13.3)
      concurrent-ruby (~> 1.0)
      dry-configurable (~> 1.0, >= 1.0.1)
      dry-core (~> 1.0, < 2)
      dry-initializer (~> 3.0)
      dry-logic (>= 1.4, < 2)
      dry-types (>= 1.7, < 2)
      zeitwerk (~> 2.6)
    dry-struct (1.6.0)
      dry-core (~> 1.0, < 2)
      dry-types (>= 1.7, < 2)
      ice_nine (~> 0.11)
      zeitwerk (~> 2.6)
    dry-system (1.0.1)
      dry-auto_inject (~> 1.0, < 2)
      dry-configurable (~> 1.0, < 2)
      dry-core (~> 1.0, < 2)
      dry-inflector (~> 1.0, < 2)
    dry-transformer (1.0.1)
      zeitwerk (~> 2.6)
    dry-types (1.7.1)
      concurrent-ruby (~> 1.0)
      dry-core (~> 1.0)
      dry-inflector (~> 1.0)
      dry-logic (~> 1.4)
      zeitwerk (~> 2.6)
    dry-validation (1.10.0)
      concurrent-ruby (~> 1.0)
      dry-core (~> 1.0, < 2)
      dry-initializer (~> 3.0)
      dry-schema (>= 1.12, < 2)
      zeitwerk (~> 2.6)
    erb (4.0.3)
      cgi (>= 0.3.3)
    erbse (0.1.4)
      temple
    excon (0.102.0)
    faker (2.23.0)
      i18n (>= 1.8.11, < 2)
    ferrum (0.13)
      addressable (~> 2.5)
      concurrent-ruby (~> 1.1)
      webrick (~> 1.7)
      websocket-driver (>= 0.6, < 0.8)
    ffi (1.15.5)
    formatador (1.1.0)
    guard (2.18.0)
      formatador (>= 0.2.4)
      listen (>= 2.7, < 4.0)
      lumberjack (>= 1.0.12, < 2.0)
      nenv (~> 0.1)
      notiffany (~> 0.0)
      pry (>= 0.13.0)
      shellany (~> 0.0)
      thor (>= 0.18.1)
    guard-compat (1.2.1)
    guard-rspec (4.7.3)
      guard (~> 2.1)
      guard-compat (~> 1.1)
      rspec (>= 2.99.0, < 4.0)
    hanami-rspec (2.0.1)
      hanami-cli (~> 2.0)
      rake (~> 13.0)
      rspec (~> 3.12)
      zeitwerk (~> 2.6)
    hansi (0.2.1)
    i18n (1.14.1)
      concurrent-ruby (~> 1.0)
    ice_nine (0.11.2)
    io-console (0.6.0)
    irb (1.7.4)
      reline (>= 0.3.6)
    json (2.6.3)
    kwalify (0.7.2)
    language_server-protocol (3.17.0.3)
    launchy (2.5.2)
      addressable (~> 2.8)
    listen (3.8.0)
      rb-fsevent (~> 0.10, >= 0.10.3)
      rb-inotify (~> 0.9, >= 0.9.10)
    localhost (1.1.10)
    lumberjack (1.2.9)
    mail (2.8.1)
      mini_mime (>= 0.1.1)
      net-imap
      net-pop
      net-smtp
    matrix (0.4.2)
    method_source (1.0.0)
    mime-types (3.5.1)
      mime-types-data (~> 3.2015)
    mime-types-data (3.2023.0808)
    mini_mime (1.1.5)
    multi_test (1.1.0)
    mustermann (3.0.0)
      ruby2_keywords (~> 0.0.1)
    mustermann-contrib (3.0.0)
      hansi (~> 0.2.0)
      mustermann (= 3.0.0)
    nenv (0.3.0)
    net-imap (0.3.7)
      date
      net-protocol
    net-pop (0.1.2)
      net-protocol
    net-protocol (0.2.1)
      timeout
    net-smtp (0.3.3)
      net-protocol
    nio4r (2.5.9)
    nokogiri (1.15.4-x86_64-darwin)
      racc (~> 1.4)
    notiffany (0.1.3)
      nenv (~> 0.1)
      shellany (~> 0.0)
    parallel (1.23.0)
    parser (3.2.2.3)
      ast (~> 2.4.1)
      racc
    pg (1.5.3)
    phlex (1.8.1)
      concurrent-ruby (~> 1.2)
      erb (>= 4)
      zeitwerk (~> 2.6)
    poltergeist (1.18.1)
      capybara (>= 2.1, < 4)
      cliver (~> 0.3.1)
      websocket-driver (>= 0.2.0)
    pry (0.14.2)
      coderay (~> 1.1)
      method_source (~> 1.0)
    public_suffix (5.0.3)
    puma (6.3.1)
      nio4r (~> 2.0)
    racc (1.7.1)
    rack (2.2.8)
    rack-test (2.1.0)
      rack (>= 1.3)
    rainbow (3.1.1)
    rake (13.0.6)
    rb-fsevent (0.11.2)
    rb-inotify (0.10.1)
      ffi (~> 1.0)
    reek (6.1.4)
      kwalify (~> 0.7.0)
      parser (~> 3.2.0)
      rainbow (>= 2.0, < 4.0)
    refinements (10.1.1)
    regexp_parser (2.8.1)
    reline (0.3.8)
      io-console (~> 0.5)
    rerun (0.14.0)
      listen (~> 3.0)
    rexml (3.2.6)
    rom (5.3.0)
      rom-changeset (~> 5.3, >= 5.3.0)
      rom-core (~> 5.3, >= 5.3.0)
      rom-repository (~> 5.3, >= 5.3.0)
    rom-changeset (5.3.0)
      dry-core (~> 1.0)
      rom-core (~> 5.3)
      transproc (~> 1.0, >= 1.1.0)
    rom-core (5.3.0)
      concurrent-ruby (~> 1.1)
      dry-configurable (~> 1.0)
      dry-core (~> 1.0)
      dry-inflector (~> 1.0)
      dry-initializer (~> 3.0, >= 3.0.1)
      dry-struct (~> 1.0)
      dry-types (~> 1.6)
      transproc (~> 1.0, >= 1.1.0)
    rom-factory (0.11.0)
      dry-configurable (~> 1.0)
      dry-core (~> 1.0)
      dry-struct (~> 1.6)
      faker (>= 2.0, < 3.0)
      rom-core (~> 5.3)
    rom-repository (5.3.0)
      dry-core (~> 1.0)
      dry-initializer (~> 3.0, >= 3.0.1)
      rom-core (~> 5.3, >= 5.3.0)
    rom-sql (3.6.1)
      dry-core (~> 1.0)
      dry-types (~> 1.0)
      rom (~> 5.2, >= 5.2.1)
      sequel (>= 4.49)
    rspec (3.12.0)
      rspec-core (~> 3.12.0)
      rspec-expectations (~> 3.12.0)
      rspec-mocks (~> 3.12.0)
    rspec-core (3.12.2)
      rspec-support (~> 3.12.0)
    rspec-expectations (3.12.3)
      diff-lcs (>= 1.2.0, < 2.0)
      rspec-support (~> 3.12.0)
    rspec-mocks (3.12.6)
      diff-lcs (>= 1.2.0, < 2.0)
      rspec-support (~> 3.12.0)
    rspec-support (3.12.1)
    rubocop (1.56.1)
      base64 (~> 0.1.1)
      json (~> 2.3)
      language_server-protocol (>= 3.17.0)
      parallel (~> 1.10)
      parser (>= 3.2.2.3)
      rainbow (>= 2.2.2, < 4.0)
      regexp_parser (>= 1.8, < 3.0)
      rexml (>= 3.2.5, < 4.0)
      rubocop-ast (>= 1.28.1, < 2.0)
      ruby-progressbar (~> 1.7)
      unicode-display_width (>= 2.4.0, < 3.0)
    rubocop-ast (1.29.0)
      parser (>= 3.2.1.0)
    rubocop-capybara (2.18.0)
      rubocop (~> 1.41)
    rubocop-factory_bot (2.23.1)
      rubocop (~> 1.33)
    rubocop-packaging (0.5.2)
      rubocop (>= 1.33, < 2.0)
    rubocop-performance (1.19.0)
      rubocop (>= 1.7.0, < 2.0)
      rubocop-ast (>= 0.4.0)
    rubocop-rake (0.6.0)
      rubocop (~> 1.0)
    rubocop-rspec (2.23.2)
      rubocop (~> 1.33)
      rubocop-capybara (~> 2.17)
      rubocop-factory_bot (~> 2.22)
    rubocop-sequel (0.3.4)
      rubocop (~> 1.0)
    rubocop-thread_safety (0.5.1)
      rubocop (>= 0.90.0)
    ruby-progressbar (1.13.0)
    ruby2_keywords (0.0.5)
    sequel (5.71.0)
    shellany (0.0.1)
    simplecov (0.22.0)
      docile (~> 1.1)
      simplecov-html (~> 0.11)
      simplecov_json_formatter (~> 0.1)
    simplecov-html (0.12.3)
    simplecov_json_formatter (0.1.4)
    sys-uname (1.2.3)
      ffi (~> 1.1)
    temple (0.10.2)
    thor (1.2.2)
    tilt (2.2.0)
    timeout (0.4.0)
    transproc (1.1.1)
    unicode-display_width (2.4.2)
    webrick (1.8.1)
    websocket-driver (0.7.6)
      websocket-extensions (>= 0.1.0)
    websocket-extensions (0.1.5)
    xpath (3.2.0)
      nokogiri (~> 1.8)
    zeitwerk (2.6.11)

PLATFORMS
  x86_64-darwin-20

DEPENDENCIES
  amazing_print (~> 1.4)
  byebug
  caliber (~> 0.21)
  capybara (~> 3.38)
  cuprite (~> 0.14)
  database_cleaner-sequel (~> 2.0)
  debug (~> 1.7)
  dotenv (~> 2.8)
  dry-types (~> 1.7)
  erbse (~> 0.1)
  guard-rspec (~> 4.7)
  hanami!
  hanami-cli!
  hanami-controller!
  hanami-devtools!
  hanami-mailer!
  hanami-router!
  hanami-rspec (~> 2.0)
  hanami-utils!
  hanami-validations!
  launchy (~> 2.5)
  localhost (~> 1.1)
  pg (~> 1.4)
  phlex
  puma (~> 6.0)
  rack-test (~> 2.0)
  rake (~> 13.0)
  reek (~> 6.1)
  refinements (~> 10.0)
  rerun (~> 0.14)
  rom (~> 5.3)
  rom-factory (~> 0.11)
  rom-sql (~> 3.6)
  rubocop-sequel (~> 0.3)
  sequel (~> 5.64)
  simplecov (~> 0.22)

RUBY VERSION
   ruby 3.2.0p0

BUNDLED WITH
   2.4.5
