GIT
  remote: https://github.com/hanami/validations
  revision: 66702a649ee21a38f9c3e8f15a83d2d284211f3f
  branch: main
  specs:
    hanami-validations (2.0.0.beta1)
      dry-validation (~> 1.6)

GEM
  remote: https://rubygems.org/
  specs:
    builder (3.2.4)
    byebug (11.1.3)
    concurrent-ruby (1.1.10)
    connection_pool (2.2.5)
    diff-lcs (1.5.0)
    dotenv (2.7.6)
    dry-auto_inject (0.9.0)
      dry-container (>= 0.3.4)
    dry-cli (0.7.0)
    dry-configurable (0.15.0)
      concurrent-ruby (~> 1.0)
      dry-core (~> 0.6)
    dry-container (0.10.0)
      concurrent-ruby (~> 1.0)
    dry-core (0.8.0)
      concurrent-ruby (~> 1.0)
    dry-events (0.3.0)
      concurrent-ruby (~> 1.0)
      dry-core (~> 0.5, >= 0.5)
    dry-files (0.2.0)
    dry-inflector (0.3.0)
    dry-initializer (3.1.1)
    dry-logic (1.2.0)
      concurrent-ruby (~> 1.0)
      dry-core (~> 0.5, >= 0.5)
    dry-monitor (0.6.1)
      dry-configurable (~> 0.13, >= 0.13.0)
      dry-core (~> 0.5, >= 0.5)
      dry-events (~> 0.2)
      zeitwerk (~> 2.5)
    dry-schema (1.9.3)
      concurrent-ruby (~> 1.0)
      dry-configurable (~> 0.13, >= 0.13.0)
      dry-core (~> 0.5, >= 0.5)
      dry-initializer (~> 3.0)
      dry-logic (~> 1.0)
      dry-types (~> 1.5)
    dry-system (0.25.0)
      concurrent-ruby (~> 1.0)
      dry-auto_inject (>= 0.4.0)
      dry-configurable (~> 0.14, >= 0.14.0)
      dry-container (~> 0.10, >= 0.10.0)
      dry-core (~> 0.5, >= 0.5)
      dry-inflector (~> 0.1, >= 0.1.2)
    dry-transformer (0.1.1)
    dry-types (1.5.1)
      concurrent-ruby (~> 1.0)
      dry-container (~> 0.3)
      dry-core (~> 0.5, >= 0.5)
      dry-inflector (~> 0.1, >= 0.1.2)
      dry-logic (~> 1.0, >= 1.0.2)
    dry-validation (1.8.1)
      concurrent-ruby (~> 1.0)
      dry-container (~> 0.7, >= 0.7.1)
      dry-core (~> 0.5, >= 0.5)
      dry-initializer (~> 3.0)
      dry-schema (~> 1.8, >= 1.8.0)
    et-orbi (1.2.7)
      tzinfo
    fugit (1.5.3)
      et-orbi (~> 1, >= 1.2.7)
      raabro (~> 1.4)
    hanami (2.0.0.beta1.1)
      bundler (>= 1.16, < 3)
      dry-configurable (~> 0.15)
      dry-core (~> 0.7)
      dry-inflector (~> 0.2, >= 0.2.1)
      dry-monitor (~> 0.6, >= 0.6.0)
      dry-system (~> 0.25, >= 0.25.0)
      dry-types (~> 1.5)
      hanami-cli (~> 2.0.beta)
      hanami-utils (~> 2.0.beta)
      zeitwerk (~> 2.4)
    hanami-cli (2.0.0.beta1)
      bundler (~> 2.1)
      dry-cli (~> 0.7)
      dry-files (~> 0.2, >= 0.2.0)
      dry-inflector (~> 0.2)
      rake (~> 13.0)
    hanami-controller (2.0.0.beta1)
      dry-configurable (~> 0.13, >= 0.13.0)
      hanami-utils (~> 2.0.beta)
      rack (~> 2.0)
    hanami-router (2.0.0.beta1)
      mustermann (~> 1.0)
      mustermann-contrib (~> 1.0)
      rack (~> 2.0)
    hanami-rspec (3.11.0.beta1)
      hanami-cli (~> 2.0.0.alpha)
      rake (~> 13.0)
      rspec (~> 3.11)
    hanami-utils (2.0.0.beta1)
      concurrent-ruby (~> 1.0)
      dry-transformer (~> 0.1)
    hansi (0.2.1)
    mustermann (1.1.2)
      ruby2_keywords (~> 0.0.1)
    mustermann-contrib (1.1.2)
      hansi (~> 0.2.0)
      mustermann (= 1.1.2)
    nio4r (2.5.8)
    puma (5.6.4)
      nio4r (~> 2.0)
    raabro (1.4.0)
    rack (2.2.4)
    rack-test (2.0.2)
      rack (>= 1.3)
    rake (13.0.6)
    redis (4.7.1)
    redis-namespace (1.8.2)
      redis (>= 3.0.4)
    rspec (3.11.0)
      rspec-core (~> 3.11.0)
      rspec-expectations (~> 3.11.0)
      rspec-mocks (~> 3.11.0)
    rspec-core (3.11.0)
      rspec-support (~> 3.11.0)
    rspec-expectations (3.11.0)
      diff-lcs (>= 1.2.0, < 2.0)
      rspec-support (~> 3.11.0)
    rspec-mocks (3.11.1)
      diff-lcs (>= 1.2.0, < 2.0)
      rspec-support (~> 3.11.0)
    rspec-support (3.11.0)
    ruby2_keywords (0.0.5)
    rufus-scheduler (3.8.2)
      fugit (~> 1.1, >= 1.1.6)
    sidekiq (6.5.5)
      connection_pool (>= 2.2.2)
      rack (~> 2.0)
      redis (>= 4.5.0)
    sidekiq-scheduler (4.0.2)
      redis (>= 4.2.0)
      rufus-scheduler (~> 3.2)
      sidekiq (>= 4)
      tilt (>= 1.4.0)
    sitemap_generator (6.2.1)
      builder (~> 3.0)
    tilt (2.0.11)
    tzinfo (2.0.5)
      concurrent-ruby (~> 1.0)
    zeitwerk (2.6.0)

PLATFORMS
  x86_64-darwin-20

DEPENDENCIES
  byebug
  dotenv
  hanami (~> 2.0.0.beta)
  hanami-controller (~> 2.0.0.beta)
  hanami-router (~> 2.0.0.beta)
  hanami-rspec
  hanami-validations!
  puma
  rack-test
  rake
  redis-namespace
  sidekiq (~> 6.5)
  sidekiq-scheduler
  sitemap_generator

BUNDLED WITH
   2.3.18
